GEM
  remote: https://rubygems.org/
  specs:
    chronic (0.10.2)
    color (1.8)
    configatron (4.5.1)
    eventmachine (1.2.7)
    httparty (0.16.2)
      multi_xml (>= 0.5.2)
    huey (2.1.0)
      chronic (>= 0.9.0)
      color (>= 1.4.1)
      eventmachine (>= 1.0.0)
      httparty (>= 0.9.0)
      multi_json (~> 1.8)
    multi_json (1.13.1)
    multi_xml (0.6.0)
    websocket (1.2.8)
    websocket-eventmachine-base (1.2.0)
      eventmachine (~> 1.0)
      websocket (~> 1.0)
      websocket-native (~> 1.0)
    websocket-eventmachine-client (1.2.0)
      websocket-eventmachine-base (~> 1.0)
    websocket-native (1.0.0)

PLATFORMS
  ruby

DEPENDENCIES
  configatron
  eventmachine
  huey
  websocket-eventmachine-client

RUBY VERSION
   ruby 2.5.1p57

BUNDLED WITH
   1.16.2
